GEM
  specs:
    fancy_irb (1.0.0)
      paint (>= 0.9, < 2.0)
      unicode-display_width (>= 0.2.0)
    paint (1.0.0)
    unicode-display_width (0.2.0)

PLATFORMS
  ruby

DEPENDENCIES
  fancy_irb
